PATH
  remote: .
  specs:
    handlebars_assets (0.0.3)
      execjs
      tilt

GEM
  remote: http://rubygems.org/
  specs:
    activesupport (3.1.0)
      multi_json (~> 1.0)
    execjs (1.2.4)
      multi_json (~> 1.0)
    multi_json (1.0.3)
    rake (0.9.2)
    tilt (1.3.3)

PLATFORMS
  ruby

DEPENDENCIES
  activesupport (~> 3.1.0)
  handlebars_assets!
  rake
