PATH
  remote: .
  specs:
    handlebars_assets (0.15)
      execjs (>= 1.2.9)
      multi_json
      sprockets (>= 2.0.3)
      tilt

GEM
  remote: http://rubygems.org/
  specs:
    columnize (0.3.6)
    debugger (1.6.5)
      columnize (>= 0.3.1)
      debugger-linecache (~> 1.2.0)
      debugger-ruby_core_source (~> 1.3.1)
    debugger-linecache (1.2.0)
    debugger-ruby_core_source (1.3.1)
    execjs (2.0.2)
    haml (4.0.5)
      tilt
    hike (1.2.3)
    json (1.7.7)
    multi_json (1.8.4)
    rack (1.5.2)
    rake (10.1.1)
    slim (2.0.2)
      temple (~> 0.6.6)
      tilt (>= 1.3.3, < 2.1)
    sprockets (2.11.0)
      hike (~> 1.2)
      multi_json (~> 1.0)
      rack (~> 1.0)
      tilt (~> 1.1, != 1.3.0)
    temple (0.6.7)
    tilt (1.4.1)

PLATFORMS
  ruby

DEPENDENCIES
  debugger
  haml
  handlebars_assets!
  json (~> 1.7.7)
  rake
  slim
