PATH
  remote: .
  specs:
    handlebars_assets (0.4.1)
      execjs (>= 1.2.9)
      sprockets (>= 2.0.3)
      tilt

GEM
  remote: http://rubygems.org/
  specs:
    execjs (1.2.9)
      multi_json (~> 1.0)
    hike (1.2.1)
    multi_json (1.0.3)
    rack (1.3.5)
    rake (0.8.7)
    sprockets (2.1.2)
      hike (~> 1.2)
      rack (~> 1.0)
      tilt (~> 1.1, != 1.3.0)
    tilt (1.3.3)

PLATFORMS
  ruby

DEPENDENCIES
  handlebars_assets!
  rake
