PATH
  remote: .
  specs:
    handlebars_assets (0.8.2)
      execjs (>= 1.2.9)
      sprockets (>= 2.0.3)
      tilt

GEM
  remote: http://rubygems.org/
  specs:
    execjs (1.4.0)
      multi_json (~> 1.0)
    haml (3.1.7)
    hike (1.2.1)
    multi_json (1.5.0)
    rack (1.4.4)
    rake (10.0.3)
    sprockets (2.8.2)
      hike (~> 1.2)
      multi_json (~> 1.0)
      rack (~> 1.0)
      tilt (~> 1.1, != 1.3.0)
    tilt (1.3.3)

PLATFORMS
  ruby

DEPENDENCIES
  haml
  handlebars_assets!
  rake
